PATH
  remote: .
  specs:
    mini_graph (0.1.0)

GEM
  remote: https://rubygems.org/
  specs:
    minitest (5.14.1)
    rake (12.3.3)

PLATFORMS
  ruby

DEPENDENCIES
  bundler (~> 2.1)
  mini_graph!
  minitest (~> 5.0)
  rake (~> 12.3.3)

BUNDLED WITH
   2.1.4
