PATH
  remote: .
  specs:
    simple_graph (0.1.0)

GEM
  remote: https://rubygems.org/
  specs:
    minitest (5.14.0)
    rake (10.5.0)

PLATFORMS
  ruby

DEPENDENCIES
  bundler (~> 1.17)
  minitest (~> 5.0)
  simple_graph!
  rake (~> 10.0)

BUNDLED WITH
   1.17.2
