PATH
  remote: .
  specs:
    simple_graph (0.1.0)

GEM
  remote: https://rubygems.org/
  specs:
    minitest (5.14.0)
    rake (12.3.3)

PLATFORMS
  ruby

DEPENDENCIES
  bundler (~> 1.17)
  minitest (~> 5.0)
  rake (~> 12.3.3)
  simple_graph!

BUNDLED WITH
   1.17.2
